GEM
  remote: http://rubygems.org/
  specs:
    json (2.0.2)
    newrelic_plugin (1.3.1)
      json

PLATFORMS
  ruby

DEPENDENCIES
  newrelic_plugin

BUNDLED WITH
   1.12.5
